GIT
  remote: git://github.com/jaischeema/cybertheme.git
  revision: 07350f9cd29b6180744f335a7f0c4ece76ea038b
  specs:
    cybertheme (0.1.0)
      haml
      haml-rails
      rails (~> 3.1.1)

GEM
  remote: http://rubygems.org/
  specs:
    actionmailer (3.1.1)
      actionpack (= 3.1.1)
      mail (~> 2.3.0)
    actionpack (3.1.1)
      activemodel (= 3.1.1)
      activesupport (= 3.1.1)
      builder (~> 3.0.0)
      erubis (~> 2.7.0)
      i18n (~> 0.6)
      rack (~> 1.3.2)
      rack-cache (~> 1.1)
      rack-mount (~> 0.8.2)
      rack-test (~> 0.6.1)
      sprockets (~> 2.0.2)
    activemodel (3.1.1)
      activesupport (= 3.1.1)
      builder (~> 3.0.0)
      i18n (~> 0.6)
    activerecord (3.1.1)
      activemodel (= 3.1.1)
      activesupport (= 3.1.1)
      arel (~> 2.2.1)
      tzinfo (~> 0.3.29)
    activerecord-jdbc-adapter (1.2.0)
    activerecord-jdbcsqlite3-adapter (1.2.0)
      activerecord-jdbc-adapter (~> 1.2.0)
      jdbc-sqlite3 (~> 3.7.2)
    activeresource (3.1.1)
      activemodel (= 3.1.1)
      activesupport (= 3.1.1)
    activesupport (3.1.1)
      multi_json (~> 1.0)
    addressable (2.2.6)
    ansi (1.4.0)
    arel (2.2.1)
    bcrypt-ruby (3.0.1-java)
    bouncy-castle-java (1.5.0146.1)
    builder (3.0.0)
    coffee-rails (3.1.1)
      coffee-script (>= 2.2.0)
      railties (~> 3.1.0)
    coffee-script (2.2.0)
      coffee-script-source
      execjs
    coffee-script-source (1.1.3)
    data_objects (0.10.7)
      addressable (~> 2.1)
    diff-lcs (1.1.3)
    dm-active_model (1.2.0)
      activemodel (~> 3.1.0)
      dm-core (~> 1.2.0)
    dm-aggregates (1.2.0)
      dm-core (~> 1.2.0)
    dm-constraints (1.2.0)
      dm-core (~> 1.2.0)
    dm-core (1.2.0)
      addressable (~> 2.2.6)
    dm-do-adapter (1.2.0)
      data_objects (~> 0.10.6)
      dm-core (~> 1.2.0)
    dm-migrations (1.2.0)
      dm-core (~> 1.2.0)
    dm-observer (1.2.0)
      dm-core (~> 1.2.0)
    dm-postgres-adapter (1.2.0)
      dm-do-adapter (~> 1.2.0)
      do_postgres (~> 0.10.6)
    dm-rails (1.2.0)
      actionpack (~> 3.1.0)
      dm-active_model (~> 1.2.0)
      dm-core (~> 1.2.0)
      railties (~> 3.1.0)
    dm-sqlite-adapter (1.2.0)
      dm-do-adapter (~> 1.2.0)
      do_sqlite3 (~> 0.10.6)
    dm-sqlserver-adapter (1.2.0)
      dm-do-adapter (~> 1.2.0)
      do_sqlserver (~> 0.10.6)
    dm-timestamps (1.2.0)
      dm-core (~> 1.2.0)
    dm-transactions (1.2.0)
      dm-core (~> 1.2.0)
    dm-types (1.2.1)
      bcrypt-ruby (~> 3.0.0)
      dm-core (~> 1.2.0)
      fastercsv (~> 1.5.4)
      json (~> 1.6.1)
      multi_json (~> 1.0.3)
      stringex (~> 1.3.0)
      uuidtools (~> 2.1.2)
    dm-validations (1.2.0)
      dm-core (~> 1.2.0)
    do-jdbc_sqlserver (1.2.4-java)
    do_jdbc (0.10.7-java)
      data_objects (= 0.10.7)
    do_postgres (0.10.7-java)
      data_objects (= 0.10.7)
      do_jdbc (= 0.10.7)
      jdbc-postgres (>= 8.2)
    do_sqlite3 (0.10.7-java)
      data_objects (= 0.10.7)
      do_jdbc (= 0.10.7)
      jdbc-sqlite3 (>= 3.5.8)
    do_sqlserver (0.10.7-java)
      data_objects (= 0.10.7)
      do-jdbc_sqlserver (~> 1.2.4)
      do_jdbc (= 0.10.7)
    erubis (2.7.0)
    execjs (1.2.9)
      multi_json (~> 1.0)
    fastercsv (1.5.4)
    file-utils (0.1.1)
    glassfish (1.0.3-java)
      rack (>= 0.4.0)
    haml (3.1.3)
    haml-rails (0.3.4)
      actionpack (~> 3.0)
      activesupport (~> 3.0)
      haml (~> 3.0)
      railties (~> 3.0)
    hike (1.2.1)
    i18n (0.6.0)
    jdbc-postgres (9.0.801)
    jdbc-sqlite3 (3.7.2)
    jquery-rails (1.0.16)
      railties (~> 3.0)
      thor (~> 0.14)
    jruby-openssl (0.7.4)
      bouncy-castle-java
    json (1.6.1-java)
    mail (2.3.0)
      i18n (>= 0.4.0)
      mime-types (~> 1.16)
      treetop (~> 1.4.8)
    maruku (0.6.0)
      syntax (>= 1.0.0)
    mime-types (1.17.2)
    multi_json (1.0.3)
    polyglot (0.3.3)
    rack (1.3.5)
    rack-cache (1.1)
      rack (>= 0.4)
    rack-mount (0.8.3)
      rack (>= 1.0.0)
    rack-ssl (1.3.2)
      rack
    rack-test (0.6.1)
      rack (>= 1.0)
    rails (3.1.1)
      actionmailer (= 3.1.1)
      actionpack (= 3.1.1)
      activerecord (= 3.1.1)
      activeresource (= 3.1.1)
      activesupport (= 3.1.1)
      bundler (~> 1.0)
      railties (= 3.1.1)
    railties (3.1.1)
      actionpack (= 3.1.1)
      activesupport (= 3.1.1)
      rack-ssl (~> 1.3.2)
      rake (>= 0.8.7)
      rdoc (~> 3.4)
      thor (~> 0.14.6)
    rake (0.9.2.2)
    rdoc (3.11)
      json (~> 1.4)
    rspec (2.7.0)
      rspec-core (~> 2.7.0)
      rspec-expectations (~> 2.7.0)
      rspec-mocks (~> 2.7.0)
    rspec-core (2.7.1)
    rspec-expectations (2.7.0)
      diff-lcs (~> 1.1.2)
    rspec-mocks (2.7.0)
    rspec-rails (2.7.0)
      actionpack (~> 3.0)
      activesupport (~> 3.0)
      railties (~> 3.0)
      rspec (~> 2.7.0)
    sass (3.1.10)
    sass-rails (3.1.4)
      actionpack (~> 3.1.0)
      railties (~> 3.1.0)
      sass (>= 3.1.4)
      sprockets (~> 2.0.0)
      tilt (~> 1.3.2)
    sprockets (2.0.3)
      hike (~> 1.2)
      rack (~> 1.0)
      tilt (~> 1.1, != 1.3.0)
    stringex (1.3.0)
    syntax (1.0.0)
    therubyrhino (1.72.8)
    thor (0.14.6)
    tilt (1.3.3)
    treetop (1.4.10)
      polyglot
      polyglot (>= 0.3.1)
    turn (0.8.3)
      ansi
    tzinfo (0.3.31)
    uglifier (1.0.4)
      execjs (>= 0.3.0)
      multi_json (>= 1.0.2)
    uuidtools (2.1.2)

PLATFORMS
  java

DEPENDENCIES
  actionmailer (~> 3.1.1)
  actionpack (~> 3.1.1)
  activerecord-jdbcsqlite3-adapter
  activesupport (~> 3.1.1)
  bcrypt-ruby
  coffee-rails (~> 3.1.1)
  cybertheme!
  dm-aggregates (~> 1.2.0)
  dm-constraints (~> 1.2.0)
  dm-core (~> 1.2.0)
  dm-do-adapter (~> 1.2.0)
  dm-migrations (~> 1.2.0)
  dm-observer (~> 1.2.0)
  dm-postgres-adapter (~> 1.2.0)
  dm-rails (~> 1.2.0)
  dm-sqlite-adapter (~> 1.2.0)
  dm-sqlserver-adapter (~> 1.2.0)
  dm-timestamps (~> 1.2.0)
  dm-transactions (~> 1.2.0)
  dm-types (~> 1.2.0)
  dm-validations (~> 1.2.0)
  file-utils
  glassfish
  haml
  haml-rails
  jquery-rails
  jruby-openssl
  maruku
  railties (~> 3.1.1)
  rspec-rails
  sass-rails (~> 3.1.4)
  therubyrhino
  turn
  tzinfo
  uglifier (>= 1.0.3)
